GEM
  specs:
    ffi (1.9.18)

PLATFORMS
  ruby

DEPENDENCIES
  ffi

BUNDLED WITH
   1.13.7
